PATH
  remote: .
  specs:
    my_help (1.2.11)
      colorize
      command_line
      thor

GEM
  remote: http://www.rubygems.org/
  specs:
    colorize (1.1.0)
    command_line (2.0.1)
    thor (1.3.2)

PLATFORMS
  arm64-darwin-20
  ruby

DEPENDENCIES
  my_help!

BUNDLED WITH
   2.5.21
